GEM
  remote: http://rubygems.org/
  specs:
    builder (3.0.0)
    coderay (0.9.8)
    cucumber (1.1.0)
      builder (>= 2.1.2)
      diff-lcs (>= 1.1.2)
      gherkin (~> 2.5.0)
      json (>= 1.4.6)
      term-ansicolor (>= 1.0.6)
    diff-lcs (1.1.3)
    gherkin (2.5.1-java)
      json (>= 1.4.6)
    json (1.6.1-java)
    method_source (0.6.5)
      ruby_parser (>= 2.0.5)
    pry (0.9.6.2-java)
      coderay (~> 0.9.8)
      method_source (~> 0.6.5)
      ruby_parser (~> 2.0.5)
      slop (~> 2.1.0)
      spoon (~> 0.0.1)
    ruby_parser (2.0.6)
      sexp_processor (~> 3.0)
    sexp_processor (3.0.7)
    slop (2.1.0)
    spoon (0.0.1)
    term-ansicolor (1.0.6)

PLATFORMS
  java

DEPENDENCIES
  cucumber
  json
  pry
